GEM
  remote: https://rubygems.org/
  specs:
    directory_watcher (1.4.1)
    rb-fsevent (0.9.3)
    slop (3.3.2)
    stasis (0.2.0)
      directory_watcher (= 1.4.1)
      slop (= 3.3.2)
      tilt (= 1.3.3)
    tilt (1.3.3)
    trollop (2.0)

PLATFORMS
  ruby

DEPENDENCIES
  rb-fsevent
  stasis
  trollop
